GEM
  remote: https://rubygems.org/
  specs:
    airbrussh (1.0.2)
      sshkit (>= 1.6.1, != 1.7.0)
    capistrano (3.5.0)
      airbrussh (>= 1.0.0)
      capistrano-harrow
      i18n
      rake (>= 10.0.0)
      sshkit (>= 1.9.0)
    capistrano-harrow (0.5.2)
    capistrano-npm (1.0.2)
      capistrano (>= 3.0.0)
    capistrano3-nginx (2.1.5)
      capistrano (>= 3.0.0)
    capistrano_pm2 (0.0.4)
      capistrano (~> 3.0, >= 3.0.0)
    i18n (0.7.0)
    net-scp (1.2.1)
      net-ssh (>= 2.6.5)
    net-ssh (3.2.0)
    rake (11.2.2)
    sshkit (1.11.1)
      net-scp (>= 1.1.2)
      net-ssh (>= 2.8.0)

PLATFORMS
  ruby

DEPENDENCIES
  capistrano
  capistrano-npm
  capistrano3-nginx
  capistrano_pm2

RUBY VERSION
   ruby 2.3.0p0

BUNDLED WITH
   1.12.5
